GEM
  remote: https://rubygems.org/
  specs:
    dotenv (2.1.1)
    geocoder (1.3.7)
    hashie (3.4.3)
    httparty (0.14.0)
      multi_xml (>= 0.5.2)
    multi_xml (0.5.5)
    rack (1.6.4)
    rack-protection (1.5.3)
      rack
    sinatra (1.4.7)
      rack (~> 1.5)
      rack-protection (~> 1.4)
      tilt (>= 1.3, < 3)
    tilt (2.0.5)

PLATFORMS
  ruby

DEPENDENCIES
  dotenv
  geocoder
  hashie
  httparty
  sinatra

RUBY VERSION
   ruby 2.2.0p0

BUNDLED WITH
   1.12.5
